GEM
  remote: https://rubygems.org/
  specs:
    coderay (1.1.0)
    domain_name (0.5.20160310)
      unf (>= 0.0.5, < 1.0.0)
    faraday (0.9.2)
      multipart-post (>= 1.2, < 3)
    hashie (3.4.4)
    http-cookie (1.0.2)
      domain_name (~> 0.5)
    httparty (0.13.7)
      json (~> 1.8)
      multi_xml (>= 0.5.2)
    json (1.8.3)
    jwt (1.5.1)
    method_source (0.8.2)
    mime-types (2.99.1)
    multi_json (1.12.1)
    multi_xml (0.5.5)
    multipart-post (2.0.0)
    netrc (0.11.0)
    oauth2 (1.1.0)
      faraday (>= 0.8, < 0.10)
      jwt (~> 1.0, < 1.5.2)
      multi_json (~> 1.3)
      multi_xml (~> 0.5)
      rack (>= 1.2, < 3)
    omniauth (1.3.1)
      hashie (>= 1.2, < 4)
      rack (>= 1.0, < 3)
    omniauth-oauth2 (1.3.1)
      oauth2 (~> 1.0)
      omniauth (~> 1.2)
    pry (0.10.3)
      coderay (~> 1.1.0)
      method_source (~> 0.8.1)
      slop (~> 3.4)
    rack (1.6.4)
    rest-client (1.8.0)
      http-cookie (>= 1.0.2, < 2.0)
      mime-types (>= 1.16, < 3.0)
      netrc (~> 0.7)
    rspotify (1.18.0)
      omniauth-oauth2 (~> 1.3.1)
      rest-client (~> 1.7)
    slop (3.6.0)
    unf (0.1.4)
      unf_ext
    unf_ext (0.0.7.2)

PLATFORMS
  ruby

DEPENDENCIES
  httparty
  pry
  rspotify

BUNDLED WITH
   1.10.6
